GEM
  remote: http://rubygems.org/
  specs:
    RedCloth (4.2.7)
    activemodel (3.0.9)
      activesupport (= 3.0.9)
      builder (~> 2.1.2)
      i18n (~> 0.5.0)
    activesupport (3.0.9)
    builder (2.1.2)
    document_mapper (0.1.5)
      activemodel (~> 3.0.0)
      activesupport (~> 3.0.0)
      rake (~> 0.9.0)
      tilt (~> 1.3.0)
    erubis (2.7.0)
    i18n (0.5.0)
    rake (0.9.2)
    tilt (1.3.2)

PLATFORMS
  ruby

DEPENDENCIES
  RedCloth
  document_mapper
  erubis
  rake
